PATH
  remote: .
  specs:
    archivefs (0.0.2)
      rchardet (~> 1.6, >= 1.6.0)
      rfusefs (~> 1.0, >= 1.0.3)
      rubyzip (~> 1.1, >= 1.1.7)

GEM
  remote: https://rubygems.org/
  specs:
    rake (10.5.0)
    rchardet (1.8.0)
    rfuse (1.1.2)
    rfusefs (1.0.3)
      rfuse (~> 1.1)
    rubyzip (1.2.2)

PLATFORMS
  ruby

DEPENDENCIES
  archivefs!
  bundler (~> 1.7)
  rake (~> 10.0)

BUNDLED WITH
   1.16.4
